GEM
  remote: http://rubygems.org/
  specs:
    activesupport (3.0.4)
    amatch (0.2.5)
    archive-tar-minitar (0.5.2)
    blankslate (2.1.2.4)
    chunky_png (0.12.0)
    classifier (1.3.3)
      fast-stemmer (>= 1.0.0)
    columnize (0.3.2)
    compass (0.11.beta.2)
      chunky_png (~> 0.12.0)
      sass (>= 3.1.0.alpha.218)
    configuration (1.2.0)
    directory_watcher (1.3.2)
    fast-stemmer (1.0.0)
    ffi (1.0.11)
    github (0.6.2)
      highline (~> 1.5.1)
      json_pure (~> 1.5.1)
      launchy (~> 0.3.7)
      text-format (= 1.0.0)
      text-hyphen (= 1.0.0)
    heroku (1.18.3)
      launchy (~> 0.3.2)
      rest-client (>= 1.4.0, < 1.7.0)
    heroku-rails (0.3.0)
      heroku (>= 1.11.0)
    highline (1.5.2)
    jekyll (0.10.0)
      classifier (>= 1.3.1)
      directory_watcher (>= 1.1.1)
      liquid (>= 1.9.0)
      maruku (>= 0.5.9)
    json_pure (1.5.1)
    launchy (0.3.7)
      configuration (>= 0.0.5)
      rake (>= 0.8.1)
    linecache19 (0.5.11)
      ruby_core_source (>= 0.1.4)
    liquid (2.2.2)
    maruku (0.6.0)
      syntax (>= 1.0.0)
    mime-types (1.16)
    nokogiri (1.4.4)
    pygments.rb (0.2.4)
      rubypython (~> 0.5.3)
    rack (1.2.1)
    rack-contrib (1.1.0)
      rack (>= 0.9.1)
    rake (0.8.7)
    rb-appscript (0.6.1)
    refraction (0.2.0)
    rest-client (1.6.1)
      mime-types (>= 1.16)
    ruby-debug-base19 (0.11.24)
      columnize (>= 0.3.1)
      linecache19 (>= 0.5.11)
      ruby_core_source (>= 0.1.4)
    ruby-debug19 (0.11.6)
      columnize (>= 0.3.1)
      linecache19 (>= 0.5.11)
      ruby-debug-base19 (>= 0.11.19)
    ruby_core_source (0.1.4)
      archive-tar-minitar (>= 0.5.2)
    rubypython (0.5.3)
      blankslate (>= 2.1.2.3)
      ffi (~> 1.0.7)
    sass (3.1.0.alpha.221)
    syntax (1.0.0)
    terminitor (0.5.1)
      github (~> 0.6.2)
      rb-appscript (~> 0.6.1)
      thor (~> 0.14.0)
    text-format (1.0.0)
      text-hyphen (~> 1.0.0)
    text-hyphen (1.0.0)
    thor (0.14.6)

PLATFORMS
  ruby

DEPENDENCIES
  activesupport (= 3.0.4)
  amatch
  compass (~> 0.11.beta.2)
  heroku
  heroku-rails
  jekyll
  nokogiri
  pygments.rb
  rack-contrib
  rake
  refraction
  ruby-debug19
  terminitor
