GEM
  remote: http://rubygems.org/
  specs:
    amatch (0.2.5)
    archive-tar-minitar (0.5.2)
    chunky_png (0.12.0)
    classifier (1.3.3)
      fast-stemmer (>= 1.0.0)
    columnize (0.3.2)
    compass (0.11.beta.2)
      chunky_png (~> 0.12.0)
      sass (>= 3.1.0.alpha.218)
    configuration (1.2.0)
    directory_watcher (1.3.2)
    fast-stemmer (1.0.0)
    heroku (1.18.3)
      launchy (~> 0.3.2)
      rest-client (>= 1.4.0, < 1.7.0)
    jekyll (0.10.0)
      classifier (>= 1.3.1)
      directory_watcher (>= 1.1.1)
      liquid (>= 1.9.0)
      maruku (>= 0.5.9)
    launchy (0.3.7)
      configuration (>= 0.0.5)
      rake (>= 0.8.1)
    linecache19 (0.5.11)
      ruby_core_source (>= 0.1.4)
    liquid (2.2.2)
    maruku (0.6.0)
      syntax (>= 1.0.0)
    mime-types (1.16)
    nokogiri (1.4.4)
    rack (1.2.1)
    rack-contrib (1.1.0)
      rack (>= 0.9.1)
    rake (0.8.7)
    refraction (0.2.0)
    rest-client (1.6.1)
      mime-types (>= 1.16)
    ruby-debug-base19 (0.11.24)
      columnize (>= 0.3.1)
      linecache19 (>= 0.5.11)
      ruby_core_source (>= 0.1.4)
    ruby-debug19 (0.11.6)
      columnize (>= 0.3.1)
      linecache19 (>= 0.5.11)
      ruby-debug-base19 (>= 0.11.19)
    ruby_core_source (0.1.4)
      archive-tar-minitar (>= 0.5.2)
    sass (3.1.0.alpha.221)
    syntax (1.0.0)

PLATFORMS
  ruby

DEPENDENCIES
  amatch
  compass (~> 0.11.beta.2)
  heroku
  jekyll
  nokogiri
  rack-contrib
  rake
  refraction
  ruby-debug19
