GEM
  remote: http://rubygems.org/
  specs:
    classifier (1.3.3)
      fast-stemmer (>= 1.0.0)
    configuration (1.1.0)
    directory_watcher (1.3.2)
    fast-stemmer (1.0.0)
    heroku (1.10.14)
      json_pure (>= 1.2.0, < 1.5.0)
      launchy (~> 0.3.2)
      rest-client (>= 1.4.0, < 1.7.0)
    jekyll (0.7.0)
      classifier (>= 1.3.1)
      directory_watcher (>= 1.1.1)
      liquid (>= 1.9.0)
      maruku (>= 0.5.9)
    json_pure (1.4.6)
    launchy (0.3.7)
      configuration (>= 0.0.5)
      rake (>= 0.8.1)
    liquid (2.2.2)
    maruku (0.6.0)
      syntax (>= 1.0.0)
    mime-types (1.16)
    rack (1.2.1)
    rack-jekyll (0.3.5)
      jekyll
      rack
    rake (0.8.7)
    rest-client (1.6.1)
      mime-types (>= 1.16)
    syntax (1.0.0)

PLATFORMS
  ruby

DEPENDENCIES
  heroku
  rack-jekyll
